GEM
  remote: http://rubygems.org/
  specs:
    Ascii85 (1.0.2)
    diff-lcs (1.1.3)
    git (1.2.5)
    jeweler (1.6.4)
      bundler (~> 1.0)
      git (>= 1.2.5)
      rake
    json (1.8.6)
    pdf-reader (1.1.1)
      Ascii85 (~> 1.0.0)
      ruby-rc4
    prawn (0.12.0)
      pdf-reader (>= 0.9.0)
      ttfunk (~> 1.0.2)
    rake (0.9.2.2)
    rdoc (3.12)
      json (~> 1.4)
    rspec (2.8.0)
      rspec-core (~> 2.8.0)
      rspec-expectations (~> 2.8.0)
      rspec-mocks (~> 2.8.0)
    rspec-core (2.8.0)
    rspec-expectations (2.8.0)
      diff-lcs (~> 1.1.2)
    rspec-mocks (2.8.0)
    ruby-rc4 (0.1.5)
    ttfunk (1.0.3)

PLATFORMS
  ruby

DEPENDENCIES
  jeweler (~> 1.6.4)
  pdf-reader (= 1.1.1)
  prawn (~> 0.12.0)
  rake (~> 0.9.2.2)
  rdoc (~> 3.11)
  rspec (~> 2.8.0)

RUBY VERSION
   ruby 2.4.0p0

BUNDLED WITH
   1.15.4
